GEM
  remote: http://rubygems.org/
  remote: http://mattwildig.co.uk/gems/
  specs:
    daemons (1.0.10)
    gem_plugin (0.2.3)
    haml (3.1.1)
    markov (0.0.2)
    mongrel (1.2.0.pre2)
      daemons (~> 1.0.10)
      gem_plugin (~> 0.2.3)
    rack (1.2.2)
    sinatra (1.2.6)
      rack (~> 1.1)
      tilt (>= 1.2.2, < 2.0)
    tilt (1.3)

PLATFORMS
  ruby

DEPENDENCIES
  haml
  markov
  mongrel
  sinatra
