GEM
  remote: http://rubygems.org/
  remote: http://mattwildig.co.uk/gems/
  specs:
    haml (3.0.25)
    markov (0.0.2)
    rack (1.2.2)
    sinatra (1.2.1)
      rack (~> 1.1)
      tilt (>= 1.2.2, < 2.0)
    tilt (1.2.2)

PLATFORMS
  ruby

DEPENDENCIES
  haml
  markov
  sinatra
